PATH
  remote: .
  specs:
    rack-jsonp-middleware (0.0.7)
      rack

GEM
  remote: http://rubygems.org/
  specs:
    diff-lcs (1.1.2)
    rack (1.4.1)
    rake (10.0.0)
    rspec (2.5.0)
      rspec-core (~> 2.5.0)
      rspec-expectations (~> 2.5.0)
      rspec-mocks (~> 2.5.0)
    rspec-core (2.5.1)
    rspec-expectations (2.5.0)
      diff-lcs (~> 1.1.2)
    rspec-mocks (2.5.0)

PLATFORMS
  ruby

DEPENDENCIES
  rack-jsonp-middleware!
  rake
  rspec (>= 1.3.0)
